GEM
  remote: https://rubygems.org/
  specs:
    actioncable (5.2.8.1)
      actionpack (= 5.2.8.1)
      nio4r (~> 2.0)
      websocket-driver (>= 0.6.1)
    actionmailer (5.2.8.1)
      actionpack (= 5.2.8.1)
      actionview (= 5.2.8.1)
      activejob (= 5.2.8.1)
      mail (~> 2.5, >= 2.5.4)
      rails-dom-testing (~> 2.0)
    actionpack (5.2.8.1)
      actionview (= 5.2.8.1)
      activesupport (= 5.2.8.1)
      rack (~> 2.0, >= 2.0.8)
      rack-test (>= 0.6.3)
      rails-dom-testing (~> 2.0)
      rails-html-sanitizer (~> 1.0, >= 1.0.2)
    actionview (5.2.8.1)
      activesupport (= 5.2.8.1)
      builder (~> 3.1)
      erubi (~> 1.4)
      rails-dom-testing (~> 2.0)
      rails-html-sanitizer (~> 1.0, >= 1.0.3)
    active_record_union (1.3.0)
      activerecord (>= 4.0)
    activejob (5.2.8.1)
      activesupport (= 5.2.8.1)
      globalid (>= 0.3.6)
    activemodel (5.2.8.1)
      activesupport (= 5.2.8.1)
    activerecord (5.2.8.1)
      activemodel (= 5.2.8.1)
      activesupport (= 5.2.8.1)
      arel (>= 9.0)
    activestorage (5.2.8.1)
      actionpack (= 5.2.8.1)
      activerecord (= 5.2.8.1)
      marcel (~> 1.0.0)
    activesupport (5.2.8.1)
      concurrent-ruby (~> 1.0, >= 1.0.2)
      i18n (>= 0.7, < 2)
      minitest (~> 5.1)
      tzinfo (~> 1.1)
    addressable (2.8.1)
      public_suffix (>= 2.0.2, < 6.0)
    aes_key_wrap (1.1.0)
    annotate (3.2.0)
      activerecord (>= 3.2, < 8.0)
      rake (>= 10.4, < 14.0)
    archive-zip (0.12.0)
      io-like (~> 0.3.0)
    arel (9.0.0)
    ast (2.4.2)
    attr_required (1.0.1)
    autoprefixer-rails (10.4.7.0)
      execjs (~> 2)
    awesome_print (1.9.2)
    base32 (0.3.4)
    bcrypt (3.1.18)
    bindata (2.4.13)
    bindex (0.8.1)
    binman (5.1.0)
      opener (>= 0.1.0, < 1)
    bootstrap-sass (3.4.1)
      autoprefixer-rails (>= 5.2.1)
      sassc (>= 2.0.0)
    brakeman (5.3.1)
    builder (3.2.4)
    byebug (11.1.3)
    capybara (3.37.1)
      addressable
      matrix
      mini_mime (>= 0.1.3)
      nokogiri (~> 1.8)
      rack (>= 1.6.0)
      rack-test (>= 0.6.3)
      regexp_parser (>= 1.5, < 3.0)
      xpath (~> 3.2)
    capybara-screenshot (1.0.26)
      capybara (>= 1.0, < 4)
      launchy
    cconfig (1.2.1)
      safe_yaml (~> 1.0.0, >= 1.0.0)
    childprocess (4.1.0)
    choice (0.2.0)
    chromedriver-helper (2.1.1)
      archive-zip (~> 0.10)
      nokogiri (~> 1.8)
    cliver (0.3.2)
    coderay (1.1.3)
    concurrent-ruby (1.1.10)
    crack (0.4.5)
      rexml
    crass (1.0.6)
    database_cleaner (2.0.1)
      database_cleaner-active_record (~> 2.0.0)
    database_cleaner-active_record (2.0.1)
      activerecord (>= 5.a)
      database_cleaner-core (~> 2.0.0)
    database_cleaner-core (2.0.1)
    devise (4.8.1)
      bcrypt (~> 3.0)
      orm_adapter (~> 0.1)
      railties (>= 4.1.0)
      responders
      warden (~> 1.2.3)
    diff-lcs (1.5.0)
    docile (1.4.0)
    docker-api (2.2.0)
      excon (>= 0.47.0)
      multi_json
    dry-container (0.11.0)
      concurrent-ruby (~> 1.0)
    dry-core (0.9.1)
      concurrent-ruby (~> 1.0)
      zeitwerk (~> 2.6)
    dry-inflector (0.3.0)
    dry-logic (1.3.0)
      concurrent-ruby (~> 1.0)
      dry-core (~> 0.9, >= 0.9)
      zeitwerk (~> 2.6)
    dry-types (1.6.1)
      concurrent-ruby (~> 1.0)
      dry-container (~> 0.3)
      dry-core (~> 0.9, >= 0.9)
      dry-inflector (~> 0.1, >= 0.1.2)
      dry-logic (~> 1.3, >= 1.3)
      zeitwerk (~> 2.6)
    erubi (1.11.0)
    ethon (0.15.0)
      ffi (>= 1.15.0)
    excon (0.93.1)
    execjs (2.8.1)
    factory_bot (6.2.1)
      activesupport (>= 5.0.0)
    factory_bot_rails (6.2.0)
      factory_bot (~> 6.2.0)
      railties (>= 5.0.0)
    faraday (0.9.2)
      multipart-post (>= 1.2, < 3)
    ffaker (2.21.0)
    ffi (1.15.5)
    font-awesome-rails (4.7.0.8)
      railties (>= 3.2, < 8.0)
    formatador (1.1.0)
    git-review (2.0.0)
      gli (~> 2.8.0)
      hashie
      launchy
      octokit (~> 2.0.0)
      yajl-ruby
    gli (2.8.1)
    globalid (1.0.0)
      activesupport (>= 5.0)
    grape (1.6.2)
      activesupport
      builder
      dry-types (>= 1.1)
      mustermann-grape (~> 1.0.0)
      rack (>= 1.3.0)
      rack-accept
    grape-entity (0.10.2)
      activesupport (>= 3.0.0)
      multi_json (>= 1.3.2)
    grape-swagger (1.5.0)
      grape (~> 1.3)
    grape-swagger-entity (0.5.1)
      grape-entity (>= 0.6.0)
      grape-swagger (>= 1.2.0)
    grape-swagger-rails (0.3.1)
      railties (>= 3.2.12)
    gravatar_image_tag (1.2.0)
    guard (2.18.0)
      formatador (>= 0.2.4)
      listen (>= 2.7, < 4.0)
      lumberjack (>= 1.0.12, < 2.0)
      nenv (~> 0.1)
      notiffany (~> 0.0)
      pry (>= 0.13.0)
      shellany (~> 0.0)
      thor (>= 0.18.1)
    guard-compat (1.2.1)
    guard-rspec (4.7.3)
      guard (~> 2.1)
      guard-compat (~> 1.1)
      rspec (>= 2.99.0, < 4.0)
    guard-rubocop (1.5.0)
      guard (~> 2.0)
      rubocop (< 2.0)
    hashdiff (1.0.1)
    hashie (5.0.0)
    hashie-forbidden_attributes (0.1.1)
      hashie (>= 3.0)
    hirb (0.7.3)
    httpclient (2.8.3)
    i18n (1.12.0)
      concurrent-ruby (~> 1.0)
    ice_nine (0.11.2)
    io-like (0.3.1)
    json (2.6.2)
    json-jwt (1.15.3)
      activesupport (>= 4.2)
      aes_key_wrap
      bindata
      httpclient
    json-schema (3.0.0)
      addressable (>= 2.8)
    jwt (2.5.0)
    kaminari (1.2.2)
      activesupport (>= 4.1.0)
      kaminari-actionview (= 1.2.2)
      kaminari-activerecord (= 1.2.2)
      kaminari-core (= 1.2.2)
    kaminari-actionview (1.2.2)
      actionview
      kaminari-core (= 1.2.2)
    kaminari-activerecord (1.2.2)
      activerecord
      kaminari-core (= 1.2.2)
    kaminari-core (1.2.2)
    launchy (2.5.0)
      addressable (~> 2.7)
    listen (3.7.1)
      rb-fsevent (~> 0.10, >= 0.10.3)
      rb-inotify (~> 0.9, >= 0.9.10)
    loofah (2.19.0)
      crass (~> 1.0.2)
      nokogiri (>= 1.5.9)
    lumberjack (1.2.8)
    mail (2.7.1)
      mini_mime (>= 0.1.1)
    marcel (1.0.2)
    matrix (0.4.2)
    method_source (1.0.0)
    mini_mime (1.1.2)
    mini_portile2 (2.8.0)
    minitest (5.16.3)
    multi_json (1.15.0)
    multi_xml (0.6.0)
    multipart-post (2.2.3)
    mustermann (3.0.0)
      ruby2_keywords (~> 0.0.1)
    mustermann-grape (1.0.2)
      mustermann (>= 1.0.0)
    mysql2 (0.5.4)
    nenv (0.3.0)
    net-ldap (0.17.1)
    net-protocol (0.1.3)
      timeout
    net-smtp (0.3.2)
      net-protocol
    nio4r (2.5.8)
    nokogiri (1.13.9)
      mini_portile2 (~> 2.8.0)
      racc (~> 1.4)
    notiffany (0.1.3)
      nenv (~> 0.1)
      shellany (~> 0.0)
    oauth2 (1.4.8)
      faraday (>= 0.8, < 3.0)
      jwt (>= 1.0, < 3.0)
      multi_json (~> 1.3)
      multi_xml (~> 0.5)
      rack (>= 1.2, < 3)
    octokit (2.0.0)
      sawyer (~> 0.3.0)
    omniauth (2.1.0)
      hashie (>= 3.4.6)
      rack (>= 2.2.3)
      rack-protection
    omniauth-github (2.0.1)
      omniauth (~> 2.0)
      omniauth-oauth2 (~> 1.8)
    omniauth-gitlab (4.1.0)
      omniauth (~> 2.0)
      omniauth-oauth2 (~> 1.8.0)
    omniauth-google-oauth2 (0.8.1)
      jwt (>= 2.0)
      oauth2 (~> 1.1)
      omniauth (>= 1.1.1)
      omniauth-oauth2 (>= 1.6)
    omniauth-oauth2 (1.8.0)
      oauth2 (>= 1.4, < 3)
      omniauth (~> 2.0)
    omniauth-openid (2.0.1)
      omniauth (>= 1.0, < 3.0)
      rack-openid (~> 1.4.0)
    omniauth_openid_connect (0.4.0)
      addressable (~> 2.5)
      omniauth (>= 1.9, < 3)
      openid_connect (~> 1.1)
    opener (0.1.0)
    openid_connect (1.4.2)
      activemodel
      attr_required (>= 1.0.0)
      json-jwt (>= 1.15.0)
      net-smtp
      rack-oauth2 (~> 1.21)
      swd (~> 1.3)
      tzinfo
      validate_email
      validate_url
      webfinger (~> 1.2)
    orm_adapter (0.5.0)
    paint (2.3.0)
    parallel (1.22.1)
    parser (3.1.2.1)
      ast (~> 2.4.1)
    pg (1.4.4)
    poltergeist (1.18.1)
      capybara (>= 2.1, < 4)
      cliver (~> 0.3.1)
      websocket-driver (>= 0.2.0)
    polyglot (0.3.5)
    pry (0.14.1)
      coderay (~> 1.1)
      method_source (~> 1.0)
    pry-rails (0.3.9)
      pry (>= 0.10.4)
    public_activity (1.6.4)
      actionpack (>= 3.0.0)
      activerecord (>= 3.0)
      i18n (>= 0.5.0)
      railties (>= 3.0.0)
    public_suffix (5.0.0)
    puma (6.0.0)
      nio4r (~> 2.0)
    pundit (2.2.0)
      activesupport (>= 3.0.0)
    racc (1.6.0)
    rack (2.2.4)
    rack-accept (0.4.5)
      rack (>= 0.4)
    rack-cors (1.1.1)
      rack (>= 2.0.0)
    rack-mini-profiler (3.0.0)
      rack (>= 1.2.0)
    rack-oauth2 (1.21.3)
      activesupport
      attr_required
      httpclient
      json-jwt (>= 1.11.0)
      rack (>= 2.1.0)
    rack-openid (1.4.2)
      rack (>= 1.1.0)
      ruby-openid (>= 2.1.8)
    rack-protection (3.0.2)
      rack
    rack-test (2.0.2)
      rack (>= 1.3)
    rails (5.2.8.1)
      actioncable (= 5.2.8.1)
      actionmailer (= 5.2.8.1)
      actionpack (= 5.2.8.1)
      actionview (= 5.2.8.1)
      activejob (= 5.2.8.1)
      activemodel (= 5.2.8.1)
      activerecord (= 5.2.8.1)
      activestorage (= 5.2.8.1)
      activesupport (= 5.2.8.1)
      bundler (>= 1.3.0)
      railties (= 5.2.8.1)
      sprockets-rails (>= 2.0.0)
    rails-controller-testing (1.0.5)
      actionpack (>= 5.0.1.rc1)
      actionview (>= 5.0.1.rc1)
      activesupport (>= 5.0.1.rc1)
    rails-dom-testing (2.0.3)
      activesupport (>= 4.2.0)
      nokogiri (>= 1.6)
    rails-erd (1.7.2)
      activerecord (>= 4.2)
      activesupport (>= 4.2)
      choice (~> 0.2.0)
      ruby-graphviz (~> 1.2)
    rails-html-sanitizer (1.4.3)
      loofah (~> 2.3)
    railties (5.2.8.1)
      actionpack (= 5.2.8.1)
      activesupport (= 5.2.8.1)
      method_source
      rake (>= 0.8.7)
      thor (>= 0.19.0, < 2.0)
    rainbow (3.1.1)
    rake (13.0.6)
    rb-fsevent (0.11.2)
    rb-inotify (0.10.1)
      ffi (~> 1.0)
    redcarpet (3.5.1)
    regexp_parser (2.6.0)
    responders (3.0.1)
      actionpack (>= 5.0)
      railties (>= 5.0)
    rexml (3.2.5)
    rspec (3.11.0)
      rspec-core (~> 3.11.0)
      rspec-expectations (~> 3.11.0)
      rspec-mocks (~> 3.11.0)
    rspec-core (3.11.0)
      rspec-support (~> 3.11.0)
    rspec-expectations (3.11.1)
      diff-lcs (>= 1.2.0, < 2.0)
      rspec-support (~> 3.11.0)
    rspec-mocks (3.11.1)
      diff-lcs (>= 1.2.0, < 2.0)
      rspec-support (~> 3.11.0)
    rspec-rails (5.1.2)
      actionpack (>= 5.2)
      activesupport (>= 5.2)
      railties (>= 5.2)
      rspec-core (~> 3.10)
      rspec-expectations (~> 3.10)
      rspec-mocks (~> 3.10)
      rspec-support (~> 3.10)
    rspec-support (3.11.1)
    rubocop (1.37.0)
      json (~> 2.3)
      parallel (~> 1.10)
      parser (>= 3.1.2.1)
      rainbow (>= 2.2.2, < 4.0)
      regexp_parser (>= 1.8, < 3.0)
      rexml (>= 3.2.5, < 4.0)
      rubocop-ast (>= 1.22.0, < 2.0)
      ruby-progressbar (~> 1.7)
      unicode-display_width (>= 1.4.0, < 3.0)
    rubocop-ast (1.23.0)
      parser (>= 3.1.1.0)
    ruby-graphviz (1.2.5)
      rexml
    ruby-openid (2.9.2)
    ruby-progressbar (1.11.0)
    ruby2_keywords (0.0.5)
    rubyzip (2.3.2)
    safe_yaml (1.0.5)
    sassc (2.4.0)
      ffi (~> 1.9)
    sassc-rails (2.1.2)
      railties (>= 4.0.0)
      sassc (>= 2.0)
      sprockets (> 3.0)
      sprockets-rails
      tilt
    sawyer (0.3.0)
      faraday (~> 0.8, < 0.10)
      uri_template (~> 0.5.0)
    search_cop (1.2.3)
      treetop
    selenium-webdriver (4.5.0)
      childprocess (>= 0.5, < 5.0)
      rexml (~> 3.2, >= 3.2.5)
      rubyzip (>= 1.2.2, < 3.0)
      websocket (~> 1.0)
    shellany (0.0.1)
    shoulda (4.0.0)
      shoulda-context (~> 2.0)
      shoulda-matchers (~> 4.0)
    shoulda-context (2.0.0)
    shoulda-matchers (4.5.1)
      activesupport (>= 4.2.0)
    simplecov (0.21.2)
      docile (~> 1.1)
      simplecov-html (~> 0.11)
      simplecov_json_formatter (~> 0.1)
    simplecov-html (0.12.3)
    simplecov_json_formatter (0.1.4)
    slim (4.1.0)
      temple (>= 0.7.6, < 0.9)
      tilt (>= 2.0.6, < 2.1)
    sprockets (4.1.1)
      concurrent-ruby (~> 1.0)
      rack (> 1, < 3)
    sprockets-rails (3.4.2)
      actionpack (>= 5.2)
      activesupport (>= 5.2)
      sprockets (>= 3.0.0)
    swd (1.3.0)
      activesupport (>= 3)
      attr_required (>= 0.0.5)
      httpclient (>= 2.4)
    temple (0.8.2)
    thor (1.2.1)
    thread_safe (0.3.6)
    tilt (2.0.11)
    timecop (0.9.5)
    timeout (0.3.0)
    treetop (1.6.11)
      polyglot (~> 0.3)
    typhoeus (1.4.0)
      ethon (>= 0.9.0)
    tzinfo (1.2.10)
      thread_safe (~> 0.1)
    uglifier (4.2.0)
      execjs (>= 0.3.0, < 3)
    unicode-display_width (2.3.0)
    uri_template (0.5.3)
    validate_email (0.1.6)
      activemodel (>= 3.0)
      mail (>= 2.2.5)
    validate_url (1.0.15)
      activemodel (>= 3.0.0)
      public_suffix
    vcr (6.1.0)
    warden (1.2.9)
      rack (>= 2.0.9)
    web-console (3.7.0)
      actionview (>= 5.0)
      activemodel (>= 5.0)
      bindex (>= 0.4.0)
      railties (>= 5.0)
    webfinger (1.2.0)
      activesupport
      httpclient (>= 2.4)
    webmock (3.18.1)
      addressable (>= 2.8.0)
      crack (>= 0.3.2)
      hashdiff (>= 0.4.0, < 2.0.0)
    webpack-rails (0.9.11)
      railties (>= 3.2.0)
    websocket (1.2.9)
    websocket-driver (0.7.5)
      websocket-extensions (>= 0.1.0)
    websocket-extensions (0.1.5)
    wirb (2.2.2)
      paint (>= 0.9, < 3.0)
    wirble (0.1.3)
    xpath (3.2.0)
      nokogiri (~> 1.8)
    yajl-ruby (1.4.3)
    zeitwerk (2.6.1)

PLATFORMS
  ruby

DEPENDENCIES
  active_record_union
  annotate
  awesome_print
  base32
  bcrypt
  binman
  bootstrap-sass
  brakeman
  byebug
  capybara
  capybara-screenshot
  cconfig (~> 1.2.0)
  chromedriver-helper
  database_cleaner
  devise
  docker-api
  ethon
  factory_bot_rails
  ffaker
  font-awesome-rails
  git-review
  grape
  grape-entity
  grape-swagger
  grape-swagger-entity
  grape-swagger-rails
  gravatar_image_tag
  guard
  guard-rspec
  guard-rubocop
  hashie-forbidden_attributes
  hirb
  i18n
  ice_nine
  json-schema
  jwt
  kaminari
  minitest
  multi_json
  mysql2
  net-ldap
  omniauth-github
  omniauth-gitlab
  omniauth-google-oauth2
  omniauth-openid
  omniauth_openid_connect
  pg
  poltergeist
  pry-rails
  public_activity (~> 1.6.3)
  puma
  pundit
  rack-cors
  rack-mini-profiler
  rails (~> 5.2.0)
  rails-controller-testing
  rails-dom-testing
  rails-erd
  redcarpet
  rspec-core
  rspec-rails
  rubocop
  sassc-rails
  search_cop
  selenium-webdriver
  shoulda
  simplecov
  slim
  sprockets
  sprockets-rails
  temple
  timecop
  typhoeus
  uglifier
  vcr
  web-console
  webmock
  webpack-rails
  wirb
  wirble

BUNDLED WITH
   2.1.4
